PATH
  remote: .
  specs:
    kvizovi (0.0.1)
      bcrypt (~> 3.1)
      mail
      pg
      sequel (~> 4.20)
      sinatra (~> 1.4)
      symbolize_keys_recursively (~> 1.1)
      unindent

GEM
  remote: https://rubygems.org/
  specs:
    bcrypt (3.1.10)
    coderay (1.1.0)
    diff-lcs (1.2.5)
    mail (2.6.3)
      mime-types (>= 1.16, < 3)
    method_source (0.8.2)
    mime-types (2.4.3)
    pg (0.18.1)
    pry (0.10.1)
      coderay (~> 1.1.0)
      method_source (~> 0.8.1)
      slop (~> 3.4)
    rack (1.6.0)
    rack-protection (1.5.3)
      rack
    rack-test (0.6.3)
      rack (>= 1.0)
    rake (10.4.2)
    rspec (3.2.0)
      rspec-core (~> 3.2.0)
      rspec-expectations (~> 3.2.0)
      rspec-mocks (~> 3.2.0)
    rspec-core (3.2.1)
      rspec-support (~> 3.2.0)
    rspec-expectations (3.2.0)
      diff-lcs (>= 1.2.0, < 2.0)
      rspec-support (~> 3.2.0)
    rspec-mocks (3.2.1)
      diff-lcs (>= 1.2.0, < 2.0)
      rspec-support (~> 3.2.0)
    rspec-support (3.2.2)
    sequel (4.20.0)
    sinatra (1.4.5)
      rack (~> 1.4)
      rack-protection (~> 1.4)
      tilt (~> 1.3, >= 1.3.4)
    slop (3.6.0)
    symbolize_keys_recursively (1.1)
    tilt (1.4.1)
    timecop (0.7.3)
    unindent (1.0)

PLATFORMS
  ruby

DEPENDENCIES
  kvizovi!
  pry
  rack-test
  rake
  rspec (~> 3.1)
  timecop
