GIT
  remote: git://github.com/jeremyevans/roda.git
  revision: 0b12f1daae2772a69fbb2b217c6d4fdfe318418c
  specs:
    roda (2.2.0)
      rack

GIT
  remote: git://github.com/plexus/yaks.git
  revision: e14bddfd29c4e12e46e91b6e523f3a952d6fad61
  specs:
    yaks (0.9.0)
      abstract_type (~> 0.0.7)
      adamantium (~> 0.2.0)
      anima (~> 0.2.0)
      attribs (~> 1.0)
      concord (~> 0.1.4)
      inflection (~> 1.0)
      rack-accept (~> 0.4.5)
      uri_template (~> 0.6.0)

PATH
  remote: .
  specs:
    kvizovi (0.0.1)
      as-duration (~> 0.1)
      bcrypt (~> 3.1)
      mime-types (>= 2.5)
      mini_magick (~> 4.2)
      pg
      refile (= 0.5.3)
      refile-sequel
      roda (~> 2.2)
      roda-symbolized_params
      sequel (~> 4.22)
      sequel_postgresql_triggers (~> 1.0.8)
      simple_mailer (~> 1.3)
      unindent
      yaks

GEM
  remote: https://rubygems.org/
  specs:
    abstract_type (0.0.7)
    adamantium (0.2.0)
      ice_nine (~> 0.11.0)
      memoizable (~> 0.4.0)
    anima (0.2.0)
      abstract_type (~> 0.0.7)
      adamantium (~> 0.1)
      equalizer (~> 0.0.8)
    as-duration (0.1.0)
    attribs (1.0.0)
      anima (~> 0.2.0)
    bcrypt (3.1.10)
    byebug (3.5.1)
      columnize (~> 0.8)
      debugger-linecache (~> 1.2)
      slop (~> 3.6)
    coderay (1.1.0)
    columnize (0.9.0)
    concord (0.1.5)
      adamantium (~> 0.2.0)
      equalizer (~> 0.0.9)
    debugger-linecache (1.2.0)
    diff-lcs (1.2.5)
    equalizer (0.0.11)
    ice_nine (0.11.1)
    inflection (1.0.0)
    memoizable (0.4.2)
      thread_safe (~> 0.3, >= 0.3.1)
    method_source (0.8.2)
    mime-types (2.5)
    mini_magick (4.2.3)
    pg (0.18.1)
    pry (0.10.1)
      coderay (~> 1.1.0)
      method_source (~> 0.8.1)
      slop (~> 3.4)
    pry-byebug (3.0.1)
      byebug (~> 3.4)
      pry (~> 0.10)
    rack (1.6.0)
    rack-accept (0.4.5)
      rack (>= 0.4)
    rack-protection (1.5.3)
      rack
    rack-test (0.6.3)
      rack (>= 1.0)
    refile (0.5.3)
      mime-types
      sinatra (~> 1.4.5)
    refile-sequel (0.0.1)
      refile (~> 0.5)
      sequel (~> 4.0)
    roda-symbolized_params (0.0.2)
    rspec (3.2.0)
      rspec-core (~> 3.2.0)
      rspec-expectations (~> 3.2.0)
      rspec-mocks (~> 3.2.0)
    rspec-core (3.2.3)
      rspec-support (~> 3.2.0)
    rspec-expectations (3.2.1)
      diff-lcs (>= 1.2.0, < 2.0)
      rspec-support (~> 3.2.0)
    rspec-mocks (3.2.1)
      diff-lcs (>= 1.2.0, < 2.0)
      rspec-support (~> 3.2.0)
    rspec-support (3.2.2)
    ruby-prof (0.15.6)
    sequel (4.22.0)
    sequel_postgresql_triggers (1.0.8)
      sequel
    simple_mailer (1.3.0)
    sinatra (1.4.6)
      rack (~> 1.4)
      rack-protection (~> 1.4)
      tilt (>= 1.3, < 3)
    slop (3.6.0)
    thread_safe (0.3.5)
    tilt (2.0.1)
    timecop (0.7.3)
    unindent (1.0)
    uri_template (0.6.0)

PLATFORMS
  ruby

DEPENDENCIES
  kvizovi!
  pry-byebug
  rack-test
  roda!
  rspec (~> 3.1)
  ruby-prof
  timecop
  yaks!
