GIT
  remote: git://github.com/jeremyevans/roda.git
  revision: 782380ceda8c740f978528ac29fff2fcf654a9f2
  specs:
    roda (2.2.0)
      rack

PATH
  remote: .
  specs:
    kvizovi (0.0.1)
      bcrypt (~> 3.1)
      mail
      mini_magick (~> 4.2)
      pg
      refile (~> 0.5)
      refile-sequel
      roda (~> 2.2)
      sequel (~> 4.21)
      unindent

GEM
  remote: https://rubygems.org/
  specs:
    bcrypt (3.1.10)
    byebug (4.0.4)
      columnize (= 0.9.0)
    coderay (1.1.0)
    columnize (0.9.0)
    diff-lcs (1.2.5)
    mail (2.6.3)
      mime-types (>= 1.16, < 3)
    method_source (0.8.2)
    mime-types (2.4.3)
    mini_magick (4.2.1)
    pg (0.18.1)
    pry (0.10.1)
      coderay (~> 1.1.0)
      method_source (~> 0.8.1)
      slop (~> 3.4)
    rack (1.6.0)
    rack-protection (1.5.3)
      rack
    rack-test (0.6.3)
      rack (>= 1.0)
    refile (0.5.3)
      mime-types
      sinatra (~> 1.4.5)
    refile-sequel (0.0.1)
      refile (~> 0.5)
      sequel (~> 4.0)
    rspec (3.2.0)
      rspec-core (~> 3.2.0)
      rspec-expectations (~> 3.2.0)
      rspec-mocks (~> 3.2.0)
    rspec-core (3.2.1)
      rspec-support (~> 3.2.0)
    rspec-expectations (3.2.0)
      diff-lcs (>= 1.2.0, < 2.0)
      rspec-support (~> 3.2.0)
    rspec-mocks (3.2.1)
      diff-lcs (>= 1.2.0, < 2.0)
      rspec-support (~> 3.2.0)
    rspec-support (3.2.2)
    sequel (4.21.0)
    sinatra (1.4.6)
      rack (~> 1.4)
      rack-protection (~> 1.4)
      tilt (>= 1.3, < 3)
    slop (3.6.0)
    tilt (2.0.1)
    timecop (0.7.3)
    unindent (1.0)

PLATFORMS
  ruby

DEPENDENCIES
  byebug
  kvizovi!
  pry
  rack-test
  roda!
  rspec (~> 3.1)
  timecop
